GEM
  remote: https://rubygems.org/
  specs:
    addressable (2.5.2)
      public_suffix (>= 2.0.2, < 4.0)
    hashie (3.5.6)
    nokogiri (1.8.1-java)
    omniauth (1.7.1)
      hashie (>= 3.4.6, < 3.6.0)
      rack (>= 1.6.2, < 3)
    omniauth-cas (1.1.1)
      addressable (~> 2.3)
      nokogiri (~> 1.5)
      omniauth (~> 1.2)
    omniauth-saml (1.8.1)
      omniauth (~> 1.3)
      ruby-saml (~> 1.4, >= 1.4.3)
    public_suffix (3.0.1)
    rack (2.0.3)
    ruby-saml (1.5.0)
      nokogiri (>= 1.5.10)

PLATFORMS
  java

DEPENDENCIES
  omniauth (= 1.7.1)
  omniauth-cas (= 1.1.1)
  omniauth-saml (= 1.8.1)

BUNDLED WITH
   1.12.5
